PATH
  remote: .
  specs:
    ocean_kit (0.1.5)
      droplet_kit (~> 3.16, >= 3.16.1)
      pastel
      thor (~> 1.2)

GEM
  remote: https://rubygems.org/
  specs:
    addressable (2.8.0)
      public_suffix (>= 2.0.2, < 5.0)
    ast (2.4.2)
    axiom-types (0.1.1)
      descendants_tracker (~> 0.0.4)
      ice_nine (~> 0.11.0)
      thread_safe (~> 0.3, >= 0.3.1)
    coercible (1.0.0)
      descendants_tracker (~> 0.0.1)
    descendants_tracker (0.0.4)
      thread_safe (~> 0.3, >= 0.3.1)
    diff-lcs (1.5.0)
    droplet_kit (3.16.1)
      faraday (>= 0.15)
      kartograph (~> 0.2.8)
      resource_kit (~> 0.1.5)
      virtus (~> 1.0.3)
    equalizer (0.0.11)
    faraday (2.2.0)
      faraday-net_http (~> 2.0)
      ruby2_keywords (>= 0.0.4)
    faraday-net_http (2.0.1)
    ice_nine (0.11.2)
    kartograph (0.2.8)
    parallel (1.22.1)
    parser (3.1.1.0)
      ast (~> 2.4.1)
    pastel (0.8.0)
      tty-color (~> 0.5)
    public_suffix (4.0.6)
    rainbow (3.1.1)
    rake (13.0.6)
    regexp_parser (2.2.1)
    resource_kit (0.1.7)
      addressable (>= 2.3.6, < 3.0.0)
    rexml (3.2.5)
    rspec (3.11.0)
      rspec-core (~> 3.11.0)
      rspec-expectations (~> 3.11.0)
      rspec-mocks (~> 3.11.0)
    rspec-core (3.11.0)
      rspec-support (~> 3.11.0)
    rspec-expectations (3.11.0)
      diff-lcs (>= 1.2.0, < 2.0)
      rspec-support (~> 3.11.0)
    rspec-mocks (3.11.0)
      diff-lcs (>= 1.2.0, < 2.0)
      rspec-support (~> 3.11.0)
    rspec-support (3.11.0)
    rubocop (1.26.0)
      parallel (~> 1.10)
      parser (>= 3.1.0.0)
      rainbow (>= 2.2.2, < 4.0)
      regexp_parser (>= 1.8, < 3.0)
      rexml
      rubocop-ast (>= 1.16.0, < 2.0)
      ruby-progressbar (~> 1.7)
      unicode-display_width (>= 1.4.0, < 3.0)
    rubocop-ast (1.16.0)
      parser (>= 3.1.1.0)
    rubocop-performance (1.13.3)
      rubocop (>= 1.7.0, < 2.0)
      rubocop-ast (>= 0.4.0)
    ruby-progressbar (1.11.0)
    ruby2_keywords (0.0.5)
    standard (1.9.0)
      rubocop (= 1.26.0)
      rubocop-performance (= 1.13.3)
    thor (1.2.1)
    thread_safe (0.3.6)
    tty-color (0.6.0)
    unicode-display_width (2.1.0)
    virtus (1.0.5)
      axiom-types (~> 0.1)
      coercible (~> 1.0)
      descendants_tracker (~> 0.0, >= 0.0.3)
      equalizer (~> 0.0, >= 0.0.9)

PLATFORMS
  arm64-darwin-21

DEPENDENCIES
  droplet_kit (~> 3.16, >= 3.16.1)
  ocean_kit!
  pastel
  rake (~> 13.0)
  rspec (~> 3.0)
  standard (~> 1.3)
  thor (~> 1.2, >= 1.2.1)

BUNDLED WITH
   2.3.7
